PATH
  remote: .
  specs:
    mmjmenu (0.0.1)
      hashie (~> 0.4.0)
      httparty (~> 0.6.1)

GEM
  remote: http://rubygems.org/
  specs:
    crack (0.1.8)
    diff-lcs (1.1.2)
    hashie (0.4.0)
    httparty (0.6.1)
      crack (= 0.1.8)
    rspec (2.0.1)
      rspec-core (~> 2.0.1)
      rspec-expectations (~> 2.0.1)
      rspec-mocks (~> 2.0.1)
    rspec-core (2.0.1)
    rspec-expectations (2.0.1)
      diff-lcs (>= 1.1.2)
    rspec-mocks (2.0.1)
      rspec-core (~> 2.0.1)
      rspec-expectations (~> 2.0.1)

PLATFORMS
  ruby

DEPENDENCIES
  hashie (~> 0.4.0)
  httparty (~> 0.6.1)
  mmjmenu!
  rspec (~> 2.0.0.beta.22)
